GEM
  specs:

GEM
  remote: https://rubygems.org/
  specs:
    httparty (0.21.0)
      mini_mime (>= 1.0.0)
      multi_xml (>= 0.5.2)
    mini_mime (1.1.2)
    multi_xml (0.6.0)
    nokogiri (1.15.3-arm64-darwin)
      racc (~> 1.4)
    racc (1.7.1)

PLATFORMS
  arm64-darwin-22

DEPENDENCIES
  httparty!
  nokogiri!

BUNDLED WITH
   2.4.10
